ObjectType = Image
NDims = 3
BinaryData = True
BinaryDataByteOrderMSB = False
CompressedData = False
TransformMatrix = 1 0 0 0 1 0 0 0 1
Offset = -0.12422900000000001 -0.12422900000000001 -0.12422900000000001
CenterOfRotation = 0 0 0
ElementSpacing = 0.00062270002672448754 0.00062270002672448754 0.00062270002672448754
DimSize = 400 400 400
AnatomicalOrientation = ???
ElementType = MET_FLOAT
ElementDataFile = 2e7_50keV_water-Edep.raw
